PATH
  remote: .
  specs:
    forj (1.0.1)
      ansi (>= 1.4.3)
      bundler
      encryptor (>= 1.3.0)
      fog (= 1.19.0)
      git (>= 1.2.7)
      highline (>= 1.6.21)
      json (= 1.7.5)
      lorj (~> 0.2.0)
      nokogiri (= 1.5.11)
      thor (>= 0.16.0)

GEM
  remote: https://rubygems.org/
  specs:
    ansi (1.4.3)
    builder (3.2.2)
    diff-lcs (1.2.5)
    encryptor (1.3.0)
    excon (0.31.0)
    fog (1.19.0)
      builder
      excon (~> 0.31.0)
      formatador (~> 0.2.0)
      mime-types
      multi_json (~> 1.0)
      net-scp (~> 1.1)
      net-ssh (>= 2.1.3)
      nokogiri (~> 1.5)
      ruby-hmac
    formatador (0.2.5)
    git (1.2.8)
    highline (1.6.21)
    json (1.7.5)
    lorj (0.2.0)
      ansi (>= 1.4.3)
      encryptor (= 1.3.0)
      highline (~> 1.6.21)
    mime-types (2.4.3)
    multi_json (1.10.1)
    net-scp (1.2.1)
      net-ssh (>= 2.6.5)
    net-ssh (2.9.1)
    nokogiri (1.5.11)
    rake (10.4.0)
    rspec (3.1.0)
      rspec-core (~> 3.1.0)
      rspec-expectations (~> 3.1.0)
      rspec-mocks (~> 3.1.0)
    rspec-core (3.1.7)
      rspec-support (~> 3.1.0)
    rspec-expectations (3.1.2)
      diff-lcs (>= 1.2.0, < 2.0)
      rspec-support (~> 3.1.0)
    rspec-mocks (3.1.3)
      rspec-support (~> 3.1.0)
    rspec-support (3.1.2)
    ruby-hmac (0.4.0)
    thor (0.19.1)

PLATFORMS
  ruby

DEPENDENCIES
  bundler
  forj!
  rake (~> 10.0)
  rspec (~> 3.1.0)
